GEM
  remote: https://rubygems.org/
  specs:
    deep_merge (1.2.2)
    ethon (0.16.0)
      ffi (>= 1.15.0)
    ffi (1.16.3)
    hashdiff (1.0.1)
    json (2.7.0)
    link-header-parser (4.0.0)
    oj (3.16.1)
    parallel (1.23.0)
    phrase (2.20.0)
      json (~> 2.1, >= 2.1.0)
      link-header-parser (~> 4.0)
      typhoeus (~> 1.0, >= 1.0.1)
    phraseapp_updater (3.2.0)
      deep_merge (~> 1.2)
      hashdiff (~> 1.0.1)
      oj (~> 3.16)
      parallel (~> 1.23)
      phrase (~> 2.20.0)
      thor (~> 1.3.0)
    thor (1.3.0)
    typhoeus (1.4.1)
      ethon (>= 0.9.0)

PLATFORMS
  ruby

DEPENDENCIES
  phraseapp_updater (~> 3.2.0)

BUNDLED WITH
   2.4.22
