GEM
  remote: https://rubygems.org/
  specs:
    deep_merge (1.2.2)
    ethon (0.16.0)
      ffi (>= 1.15.0)
    ffi (1.15.5)
    hashdiff (1.0.1)
    json (2.6.3)
    link-header-parser (4.0.0)
    multi_json (1.15.0)
    oj (2.18.5)
    parallel (1.23.0)
    phrase (2.8.7)
      json (~> 2.1, >= 2.1.0)
      link-header-parser (~> 4.0)
      typhoeus (~> 1.0, >= 1.0.1)
    phraseapp_updater (3.1.0)
      deep_merge (~> 1.1)
      hashdiff (~> 1.0.1)
      multi_json (~> 1.12)
      oj (~> 2.18)
      parallel (~> 1.12)
      phrase (~> 2.8.3)
      thor (~> 0.19)
    thor (0.20.3)
    typhoeus (1.4.0)
      ethon (>= 0.9.0)

PLATFORMS
  ruby

DEPENDENCIES
  phraseapp_updater (~> 3.1.0)

BUNDLED WITH
   2.4.13
