GEM
  remote: https://rubygems.org/
  specs:
    bigdecimal (3.1.9)
    concurrent-ruby (1.0.5)
    deep_merge (1.2.2)
    ethon (0.16.0)
      ffi (>= 1.15.0)
    ffi (1.17.2)
    hashdiff (1.0.1)
    json (2.10.2)
    link-header-parser (4.0.0)
    oj (3.16.10)
      bigdecimal (>= 3.0)
      ostruct (>= 0.2)
    ostruct (0.6.1)
    parallel (1.27.0)
    phrase (2.20.0)
      json (~> 2.1, >= 2.1.0)
      link-header-parser (~> 4.0)
      typhoeus (~> 1.0, >= 1.0.1)
    phraseapp_updater (3.3.2)
      concurrent-ruby (~> 1.0.2)
      deep_merge (~> 1.2)
      hashdiff (~> 1.0.1)
      oj (~> 3.16)
      parallel (~> 1.23)
      phrase (~> 2.20.0)
      thor (~> 1.3.0)
    thor (1.3.2)
    typhoeus (1.4.1)
      ethon (>= 0.9.0)

PLATFORMS
  ruby

DEPENDENCIES
  phraseapp_updater (~> 3.3.0)

BUNDLED WITH
   2.5.22
